GEM
  remote: https://rubygems.org/
  specs:
    CFPropertyList (2.3.1)
    actionmailer (3.2.14)
      actionpack (= 3.2.14)
      mail (~> 2.5.4)
    actionpack (3.2.14)
      activemodel (= 3.2.14)
      activesupport (= 3.2.14)
      builder (~> 3.0.0)
      erubis (~> 2.7.0)
      journey (~> 1.0.4)
      rack (~> 1.4.5)
      rack-cache (~> 1.2)
      rack-test (~> 0.6.1)
      sprockets (~> 2.2.1)
    activemodel (3.2.14)
      activesupport (= 3.2.14)
      builder (~> 3.0.0)
    activerecord (3.2.14)
      activemodel (= 3.2.14)
      activesupport (= 3.2.14)
      arel (~> 3.0.2)
      tzinfo (~> 0.3.29)
    activeresource (3.2.14)
      activemodel (= 3.2.14)
      activesupport (= 3.2.14)
    activesupport (3.2.14)
      i18n (~> 0.6, >= 0.6.4)
      multi_json (~> 1.0)
    addressable (2.3.8)
    arel (3.0.3)
    bcrypt-ruby (3.0.1)
    better_errors (2.1.1)
      coderay (>= 1.0.0)
      erubis (>= 2.6.6)
      rack (>= 0.9.0)
    binding_of_caller (0.7.2)
      debug_inspector (>= 0.0.1)
    builder (3.0.4)
    byebug (8.2.2)
    cancan (1.6.10)
    carrierwave (0.10.0)
      activemodel (>= 3.2.0)
      activesupport (>= 3.2.0)
      json (>= 1.7)
      mime-types (>= 1.16)
    coderay (1.1.0)
    coffee-rails (3.2.2)
      coffee-script (>= 2.2.0)
      railties (~> 3.2.0)
    coffee-script (2.4.1)
      coffee-script-source
      execjs
    coffee-script-source (1.9.1.1)
    css_parser (1.3.6)
      addressable
    daemons (1.2.3)
    debug_inspector (0.0.2)
    domain_name (0.5.24)
      unf (>= 0.0.5, < 1.0.0)
    erubis (2.7.0)
    eventmachine (1.0.8)
    excon (0.45.4)
    execjs (2.6.0)
    fancybox2-rails (0.2.8)
      railties (>= 3.1.0, < 5.0)
    fission (0.5.0)
      CFPropertyList (~> 2.2)
    fog (1.34.0)
      fog-atmos
      fog-aws (>= 0.6.0)
      fog-brightbox (~> 0.4)
      fog-core (~> 1.32)
      fog-dynect (~> 0.0.2)
      fog-ecloud (~> 0.1)
      fog-google (>= 0.0.2)
      fog-json
      fog-local
      fog-powerdns (>= 0.1.1)
      fog-profitbricks
      fog-radosgw (>= 0.0.2)
      fog-riakcs
      fog-sakuracloud (>= 0.0.4)
      fog-serverlove
      fog-softlayer
      fog-storm_on_demand
      fog-terremark
      fog-vmfusion
      fog-voxel
      fog-xml (~> 0.1.1)
      ipaddress (~> 0.5)
      nokogiri (~> 1.5, >= 1.5.11)
    fog-atmos (0.1.0)
      fog-core
      fog-xml
    fog-aws (0.7.6)
      fog-core (~> 1.27)
      fog-json (~> 1.0)
      fog-xml (~> 0.1)
      ipaddress (~> 0.8)
    fog-brightbox (0.9.0)
      fog-core (~> 1.22)
      fog-json
      inflecto (~> 0.0.2)
    fog-core (1.32.1)
      builder
      excon (~> 0.45)
      formatador (~> 0.2)
      mime-types
      net-scp (~> 1.1)
      net-ssh (>= 2.1.3)
    fog-dynect (0.0.2)
      fog-core
      fog-json
      fog-xml
    fog-ecloud (0.3.0)
      fog-core
      fog-xml
    fog-google (0.0.7)
      fog-core
      fog-json
      fog-xml
    fog-json (1.0.2)
      fog-core (~> 1.0)
      multi_json (~> 1.10)
    fog-local (0.2.1)
      fog-core (~> 1.27)
    fog-powerdns (0.1.1)
      fog-core (~> 1.27)
      fog-json (~> 1.0)
      fog-xml (~> 0.1)
    fog-profitbricks (0.0.5)
      fog-core
      fog-xml
      nokogiri
    fog-radosgw (0.0.4)
      fog-core (>= 1.21.0)
      fog-json
      fog-xml (>= 0.0.1)
    fog-riakcs (0.1.0)
      fog-core
      fog-json
      fog-xml
    fog-sakuracloud (1.1.1)
      fog-core
      fog-json
    fog-serverlove (0.1.2)
      fog-core
      fog-json
    fog-softlayer (0.4.7)
      fog-core
      fog-json
    fog-storm_on_demand (0.1.1)
      fog-core
      fog-json
    fog-terremark (0.1.0)
      fog-core
      fog-xml
    fog-vmfusion (0.1.0)
      fission
      fog-core
    fog-voxel (0.1.0)
      fog-core
      fog-xml
    fog-xml (0.1.2)
      fog-core
      nokogiri (~> 1.5, >= 1.5.11)
    formatador (0.2.5)
    google-analytics-rails (0.0.6)
    hike (1.2.3)
    htmlentities (4.3.4)
    http-cookie (1.0.2)
      domain_name (~> 0.5)
    i18n (0.7.0)
    inflecto (0.0.2)
    ipaddress (0.8.0)
    journey (1.0.4)
    jquery-minicolors-rails (2.1.4.0)
      jquery-rails
      rails (>= 3.2.8)
    jquery-rails (3.1.4)
      railties (>= 3.0, < 5.0)
      thor (>= 0.14, < 2.0)
    jquery-ui-rails (4.1.2)
      railties (>= 3.1.0)
    json (1.8.3)
    libv8 (3.16.14.11)
    mail (2.5.4)
      mime-types (~> 1.16)
      treetop (~> 1.4.8)
    mime-types (1.25.1)
    mini_magick (4.3.3)
    mini_portile (0.6.2)
    multi_json (1.11.2)
    net-scp (1.2.1)
      net-ssh (>= 2.6.5)
    net-ssh (2.9.2)
    netrc (0.10.3)
    nokogiri (1.6.6.2)
      mini_portile (~> 0.6.0)
    pg (0.18.3)
    polyglot (0.3.5)
    premailer (1.8.6)
      css_parser (>= 1.3.6)
      htmlentities (>= 4.0.0)
    premailer-rails (1.8.2)
      actionmailer (>= 3, < 5)
      premailer (~> 1.7, >= 1.7.9)
    quiet_assets (1.1.0)
      railties (>= 3.1, < 5.0)
    rack (1.4.7)
    rack-cache (1.2)
      rack (>= 0.4)
    rack-ssl (1.3.4)
      rack
    rack-test (0.6.3)
      rack (>= 1.0)
    rails (3.2.14)
      actionmailer (= 3.2.14)
      actionpack (= 3.2.14)
      activerecord (= 3.2.14)
      activeresource (= 3.2.14)
      activesupport (= 3.2.14)
      bundler (~> 1.0)
      railties (= 3.2.14)
    rails_12factor (0.0.3)
      rails_serve_static_assets
      rails_stdout_logging
    rails_serve_static_assets (0.0.4)
    rails_stdout_logging (0.0.4)
    railties (3.2.14)
      actionpack (= 3.2.14)
      activesupport (= 3.2.14)
      rack-ssl (~> 1.3.2)
      rake (>= 0.8.7)
      rdoc (~> 3.4)
      thor (>= 0.14.6, < 2.0)
    rake (10.4.2)
    rdoc (3.12.2)
      json (~> 1.4)
    ref (2.0.0)
    rest-client (1.8.0)
      http-cookie (>= 1.0.2, < 2.0)
      mime-types (>= 1.16, < 3.0)
      netrc (~> 0.7)
    sass (3.4.18)
    sass-rails (3.2.6)
      railties (~> 3.2.0)
      sass (>= 3.1.10)
      tilt (~> 1.3)
    sprockets (2.2.3)
      hike (~> 1.2)
      multi_json (~> 1.0)
      rack (~> 1.0)
      tilt (~> 1.1, != 1.3.0)
    stripe (1.26.0)
      json (~> 1.8.1)
      rest-client (~> 1.4)
    therubyracer (0.12.2)
      libv8 (~> 3.16.14.0)
      ref
    thin (1.6.3)
      daemons (~> 1.0, >= 1.0.9)
      eventmachine (~> 1.0)
      rack (~> 1.0)
    thor (0.19.1)
    tilt (1.4.1)
    treetop (1.4.15)
      polyglot
      polyglot (>= 0.3.1)
    tzinfo (0.3.44)
    uglifier (2.7.2)
      execjs (>= 0.3.0)
      json (>= 1.8.0)
    unf (0.1.4)
      unf_ext
    unf_ext (0.0.7.1)
    will_paginate (3.0.7)
    yaml_db (0.3.0)
      rails (>= 3.0, < 4.3)
      rake (>= 0.8.7)

PLATFORMS
  ruby

DEPENDENCIES
  bcrypt-ruby (~> 3.0.1)
  better_errors
  binding_of_caller
  byebug
  cancan
  carrierwave
  coffee-rails (~> 3.2.1)
  fancybox2-rails
  fog
  google-analytics-rails
  jquery-minicolors-rails
  jquery-rails
  jquery-ui-rails
  mini_magick
  nokogiri
  pg
  premailer-rails
  quiet_assets
  rails (= 3.2.14)
  rails_12factor
  sass-rails
  stripe
  therubyracer
  thin
  uglifier (>= 1.0.3)
  will_paginate
  yaml_db

BUNDLED WITH
   1.11.2
